{
  "Modality": "MR",
  "MagneticFieldStrength": 3,
  "ImagingFrequency": 123.248551,
  "Manufacturer": "Siemens",
  "ManufacturersModelName": "MAGNETOM Prisma",
  "InstitutionName": "SKKU",
  "InstitutionAddress": "Street StreetNo,City/1MTD8-9D5J2/,District,KR,ZIP",
  "DeviceSerialNumber": "66061",
  "StationName": "AWP66061",
  "BodyPartExamined": "HEAD",
  "PatientPosition": "HFS",
  "ProcedureStepDescription": "Head PI:CNIR_IBS",
  "SoftwareVersions": "syngo MR XA30",
  "MRAcquisitionType": "3D",
  "SeriesDescription": "T1_mprage_sag_1.0iso",
  "ProtocolName": "T1_mprage_sag_1.0iso",
  "ScanningSequence": "GR\\IR",
  "SequenceVariant": "SK\\SP\\MP",
  "ScanOptions": "IR",
  "PulseSequenceName": "*tfl3d1_16ns",
  "ImageType": [
    "ORIGINAL",
    "PRIMARY",
    "M",
    "NONE"
  ],
  "ImageTypeText": [
    "ORIGINAL",
    "PRIMARY",
    "M",
    "NORM",
    "DIS2D",
    "SH",
    "FIL"
  ],
  "NonlinearGradientCorrection": true,
  "SeriesNumber": 49,
  "AcquisitionTime": "11:36:27.332500",
  "AcquisitionNumber": 1,
  "SliceThickness": 1,
  "EchoTime": 0.00228,
  "RepetitionTime": 2.4,
  "MTState": false,
  "InversionTime": 0.9,
  "FlipAngle": 8,
  "PartialFourier": 1,
  "BaseResolution": 256,
  "ShimSetting": [
    5050,
    3747,
    4211,
    -3,
    -41,
    99,
    -50,
    37
  ],
  "TxRefAmp": 259.98,
  "PhaseResolution": 1,
  "ReceiveCoilName": "HeadNeck_64",
  "ReceiveCoilActiveElements": "HC1-7;NC1,2",
  "CoilString": "HeadNeck_64",
  "PulseSequenceDetails": "%SiemensSeq%\\tfl",
  "RefLinesPE": 24,
  "CoilCombinationMethod": "Adaptive Combine",
  "MatrixCoilMode": "GRAPPA",
  "PercentPhaseFOV": 100,
  "PercentSampling": 100,
  "PhaseEncodingSteps": 256,
  "FrequencyEncodingSteps": 256,
  "PhaseEncodingStepsOutOfPlane": 208,
  "AcquisitionMatrixPE": 256,
  "ReconMatrixPE": 256,
  "ParallelReductionFactorInPlane": 2,
  "ParallelAcquisitionTechnique": "GRAPPA",
  "AcquisitionDuration": 332.877,
  "PixelBandwidth": 199,
  "DwellTime": 0.0000098,
  "ImageOrientationPatientDICOM": [
    -0.0167981,
    0.997984,
    0.0612106,
    0.0189058,
    0.0615253,
    -0.997926
  ],
  "InPlanePhaseEncodingDirectionDICOM": "ROW",
  "ConversionSoftware": "dcm2niix",
  "ConversionSoftwareVersion": "v1.0.20230411",
  "Dcm2bidsVersion": "2.1.7",
  "SkullStripped": true
}
