{
  "Modality": "MR",
  "MagneticFieldStrength": 3,
  "ImagingFrequency": 123.245634,
  "Manufacturer": "Siemens",
  "ManufacturersModelName": "Prisma",
  "InstitutionName": "SKKU",
  "InstitutionalDepartmentName": "Department",
  "InstitutionAddress": "Street StreetNo,City/2c4e04/,District,KR,ZIP",
  "DeviceSerialNumber": "66061",
  "StationName": "AWP66061",
  "BodyPartExamined": "HEAD",
  "PatientPosition": "HFS",
  "ProcedureStepDescription": "Head^PI:CNIR_IBS",
  "SoftwareVersions": "syngo MR E11",
  "MRAcquisitionType": "2D",
  "SeriesDescription": "3.5mm_TR2_EO",
  "ProtocolName": "3.5mm_TR2_EO",
  "ScanningSequence": "EP",
  "SequenceVariant": "SK",
  "ScanOptions": "FS",
  "SequenceName": "*epfid2d1_64",
  "ImageType": [
    "ORIGINAL",
    "PRIMARY",
    "M",
    "ND",
    "NORM",
    "MOSAIC"
  ],
  "NonlinearGradientCorrection": false,
  "SeriesNumber": 17,
  "AcquisitionTime": "09:46:40.227500",
  "AcquisitionNumber": 1,
  "SliceThickness": 3.5,
  "SpacingBetweenSlices": 3.5,
  "SAR": 0.142532,
  "EchoTime": 0.025,
  "RepetitionTime": 2,
  "FlipAngle": 73,
  "PartialFourier": 1,
  "BaseResolution": 64,
  "ShimSetting": [
    5036,
    3720,
    4484,
    273,
    81,
    -144,
    -189,
    -2
  ],
  "TxRefAmp": 288.661,
  "PhaseResolution": 1,
  "ReceiveCoilName": "HeadNeck_64",
  "ReceiveCoilActiveElements": "HC1-7;NC1,2",
  "PulseSequenceDetails": "%SiemensSeq%\\ep2d_bold",
  "RefLinesPE": 24,
  "CoilCombinationMethod": "Sum of Squares",
  "ConsistencyInfo": "N4_VE11C_LATEST_20160120",
  "MatrixCoilMode": "GRAPPA",
  "PercentPhaseFOV": 100,
  "PercentSampling": 100,
  "EchoTrainLength": 31,
  "PhaseEncodingSteps": 63,
  "AcquisitionMatrixPE": 64,
  "ReconMatrixPE": 64,
  "BandwidthPerPixelPhaseEncode": 53.879,
  "ParallelReductionFactorInPlane": 2,
  "EffectiveEchoSpacing": 0.000290002,
  "DerivedVendorReportedEchoSpacing": 0.000580003,
  "TotalReadoutTime": 0.0182701,
  "PixelBandwidth": 2005,
  "DwellTime": 0.0000039,
  "PhaseEncodingDirection": "j-",
  "SliceTiming": [
    0.99,
    0,
    1.04,
    0.05,
    1.09,
    0.1,
    1.1375,
    0.1475,
    1.1875,
    0.1975,
    1.2375,
    0.2475,
    1.2875,
    0.2975,
    1.3375,
    0.3475,
    1.385,
    0.395,
    1.435,
    0.445,
    1.485,
    0.495,
    1.535,
    0.545,
    1.585,
    0.595,
    1.6325,
    0.6425,
    1.6825,
    0.6925,
    1.7325,
    0.7425,
    1.7825,
    0.7925,
    1.8325,
    0.8425,
    1.88,
    0.89,
    1.93,
    0.94
  ],
  "ImageOrientationPatientDICOM": [
    0.994316,
    -0.0115873,
    0.105838,
    0.0328112,
    0.979028,
    -0.201065
  ],
  "ImageOrientationText": "Tra>Cor(-11.8)>Sag(5.8)",
  "InPlanePhaseEncodingDirectionDICOM": "COL",
  "ConversionSoftware": "dcm2niix",
  "ConversionSoftwareVersion": "v1.0.20230411",
  "Dcm2bidsVersion": "2.1.7",
  "TaskName": "EO",
  "SkullStripped": false
}
