{
  "Modality": "MR",
  "MagneticFieldStrength": 3,
  "ImagingFrequency": 123.248,
  "Manufacturer": "Siemens",
  "ManufacturersModelName": "Prisma",
  "InstitutionName": "SKKU",
  "InstitutionalDepartmentName": "Department",
  "InstitutionAddress": "Street_StreetNo_City_2c4e04_District_KR_ZIP",
  "DeviceSerialNumber": "66061",
  "StationName": "AWP66061",
  "BodyPartExamined": "HEAD",
  "PatientPosition": "HFS",
  "ProcedureStepDescription": "Head_PI:CNIR_IBS",
  "SoftwareVersions": "syngo_MR_E11",
  "MRAcquisitionType": "2D",
  "SeriesDescription": "DTI_2.5mm_PA",
  "ProtocolName": "DTI_2.5mm_PA",
  "ScanningSequence": "EP",
  "SequenceVariant": "SK_SP",
  "ScanOptions": "PFP_FS",
  "SequenceName": "_ep_b0",
  "ImageType": [
    "ORIGINAL",
    "PRIMARY",
    "DIFFUSION",
    "NONE",
    "ND"
  ],
  "SeriesNumber": 21,
  "AcquisitionTime": "10:39:18.605000",
  "AcquisitionNumber": 1,
  "SliceThickness": 2.5,
  "SpacingBetweenSlices": 2.5,
  "SAR": 0.148481,
  "EchoTime": 0.08,
  "RepetitionTime": 7,
  "FlipAngle": 90,
  "PartialFourier": 0.875,
  "BaseResolution": 88,
  "ShimSetting": [
    5041,
    3673,
    4419,
    305,
    79,
    -226,
    -208,
    53
  ],
  "DiffusionScheme": "Monopolar",
  "TxRefAmp": 241.495,
  "PhaseResolution": 1,
  "ReceiveCoilName": "HeadNeck_64",
  "ReceiveCoilActiveElements": "HC1-7;NC1,2",
  "CoilString": "HC1-7;NC1_2",
  "PulseSequenceDetails": "%SiemensSeq%_ep2d_diff",
  "RefLinesPE": 28,
  "ConsistencyInfo": "N4_VE11C_LATEST_20160120",
  "PercentPhaseFOV": 100,
  "EchoTrainLength": 38,
  "PhaseEncodingSteps": 76,
  "AcquisitionMatrixPE": 88,
  "ReconMatrixPE": 88,
  "BandwidthPerPixelPhaseEncode": 39.185,
  "ParallelReductionFactorInPlane": 2,
  "EffectiveEchoSpacing": 0.00029,
  "DerivedVendorReportedEchoSpacing": 0.000579999,
  "TotalReadoutTime": 0.02523,
  "PixelBandwidth": 2105,
  "DwellTime": 0.0000027,
  "PhaseEncodingDirection": "j",
  "SliceTiming": [
    3.49219,
    0,
    3.59375,
    0.10938,
    3.70312,
    0.21875,
    3.8125,
    0.32812,
    3.92188,
    0.42969,
    4.03125,
    0.54688,
    4.14062,
    0.64844,
    4.25,
    0.75781,
    4.35938,
    0.86719,
    4.46875,
    0.97656,
    4.57812,
    1.08594,
    4.6875,
    1.19531,
    4.79688,
    1.30469,
    4.90625,
    1.41406,
    5.01562,
    1.52344,
    5.125,
    1.63281,
    5.23438,
    1.74219,
    5.34375,
    1.85156,
    5.45312,
    1.96094,
    5.55469,
    2.07031,
    5.67188,
    2.17969,
    5.78125,
    2.28906,
    5.88281,
    2.39844,
    5.99219,
    2.50781,
    6.10938,
    2.61719,
    6.21094,
    2.72656,
    6.32031,
    2.83594,
    6.42969,
    2.9375,
    6.53906,
    3.05469,
    6.64844,
    3.16406,
    6.75781,
    3.26562,
    6.86719,
    3.375
  ],
  "ImageOrientationPatientDICOM": [
    0.997154,
    0.00598518,
    0.0751485,
    4.84229E-8,
    0.996843,
    -0.0793939
  ],
  "InPlanePhaseEncodingDirectionDICOM": "COL",
  "ConversionSoftware": "dcm2niix",
  "ConversionSoftwareVersion": "v1.0.20190902",
  "SkullStripped": false
}
