{
  "Modality": "MR",
  "MagneticFieldStrength": 3,
  "ImagingFrequency": 123.248,
  "Manufacturer": "Siemens",
  "ManufacturersModelName": "MAGNETOM_Prisma",
  "InstitutionName": "SKKU",
  "InstitutionAddress": "Street_StreetNo_City_1MTD8-9D5J2_District_KR_ZIP",
  "DeviceSerialNumber": "66061",
  "StationName": "AWP66061",
  "BodyPartExamined": "HEAD",
  "PatientPosition": "HFS",
  "ProcedureStepDescription": "Head_PI:CNIR_IBS",
  "SoftwareVersions": "syngo_MR_XA30",
  "MRAcquisitionType": "2D",
  "SeriesDescription": "3.5mm_TR2_Im_1",
  "ProtocolName": "3.5mm_TR2_Im_1",
  "SequenceVariant": "SK",
  "ImageType": [
    "ORIGINAL",
    "PRIMARY",
    "FMRI",
    "NONE"
  ],
  "SeriesNumber": 19,
  "AcquisitionTime": "11:00:43.475000",
  "AcquisitionNumber": 1,
  "SliceThickness": 3.5,
  "SpacingBetweenSlices": 3.5,
  "EchoTime": 0.025,
  "RepetitionTime": 2,
  "FlipAngle": 73,
  "ReceiveCoilActiveElements": "HC1-7;NC1",
  "CoilString": "HeadNeck_64",
  "PartialFourier": 0.96875,
  "PercentPhaseFOV": 100,
  "EchoTrainLength": 31,
  "AcquisitionMatrixPE": 64,
  "ReconMatrixPE": 64,
  "BandwidthPerPixelPhaseEncode": 53.879,
  "ParallelReductionFactorInPlane": 2,
  "EffectiveEchoSpacing": 0.000290002,
  "DerivedVendorReportedEchoSpacing": 0.000580003,
  "TotalReadoutTime": 0.0182701,
  "PixelBandwidth": 2003,
  "PhaseEncodingDirection": "j-",
  "SliceTiming": [
    0.94,
    1.93,
    0.89,
    1.88,
    0.84,
    1.83,
    0.7925,
    1.7825,
    0.7425,
    1.7325,
    0.6925,
    1.6825,
    0.6425,
    1.6325,
    0.5925,
    1.5825,
    0.545,
    1.535,
    0.495,
    1.485,
    0.445,
    1.435,
    0.395,
    1.385,
    0.345,
    1.335,
    0.2975,
    1.2875,
    0.2475,
    1.2375,
    0.1975,
    1.1875,
    0.1475,
    1.1375,
    0.0975,
    1.0875,
    0.05,
    1.04,
    0,
    0.99
  ],
  "ImageOrientationPatientDICOM": [
    0.997777,
    -0.0383441,
    0.0545073,
    0.047403,
    0.983238,
    -0.176055
  ],
  "InPlanePhaseEncodingDirectionDICOM": "COL",
  "ConversionSoftware": "dcm2niix",
  "ConversionSoftwareVersion": "v1.0.20190902",
  "Dcm2bidsVersion": "2.1.6",
  "TaskName": "IM",
  "SkullStripped": false
}
