{
  "Modality": "MR",
  "MagneticFieldStrength": 3,
  "ImagingFrequency": 123.248,
  "Manufacturer": "Siemens",
  "ManufacturersModelName": "Prisma",
  "InstitutionName": "SKKU",
  "InstitutionalDepartmentName": "Department",
  "InstitutionAddress": "Street_StreetNo_City_2c4e04_District_KR_ZIP",
  "DeviceSerialNumber": "66061",
  "StationName": "AWP66061",
  "BodyPartExamined": "HEAD",
  "PatientPosition": "HFS",
  "ProcedureStepDescription": "Head_PI:CNIR_IBS",
  "SoftwareVersions": "syngo_MR_E11",
  "MRAcquisitionType": "2D",
  "SeriesDescription": "DTI_2.5mm_AP",
  "ProtocolName": "DTI_2.5mm_AP",
  "ScanningSequence": "EP",
  "SequenceVariant": "SK_SP",
  "ScanOptions": "PFP_FS",
  "SequenceName": "_ep_b0",
  "ImageType": [
    "ORIGINAL",
    "PRIMARY",
    "DIFFUSION",
    "NONE",
    "ND",
    "MOSAIC"
  ],
  "SeriesNumber": 18,
  "AcquisitionTime": "11:08:18.565000",
  "AcquisitionNumber": 1,
  "SliceThickness": 2.5,
  "SpacingBetweenSlices": 2.5,
  "SAR": 0.127434,
  "EchoTime": 0.08,
  "RepetitionTime": 7,
  "FlipAngle": 90,
  "PartialFourier": 0.875,
  "BaseResolution": 88,
  "ShimSetting": [
    5041,
    3688,
    4402,
    315,
    20,
    -169,
    -280,
    43
  ],
  "DiffusionScheme": "Monopolar",
  "TxRefAmp": 231.29,
  "PhaseResolution": 1,
  "ReceiveCoilName": "HeadNeck_64",
  "ReceiveCoilActiveElements": "HC1-7;NC1,2",
  "CoilString": "HC1-7;NC1_2",
  "PulseSequenceDetails": "%SiemensSeq%_ep2d_diff",
  "RefLinesPE": 28,
  "ConsistencyInfo": "N4_VE11C_LATEST_20160120",
  "PercentPhaseFOV": 100,
  "EchoTrainLength": 38,
  "PhaseEncodingSteps": 76,
  "AcquisitionMatrixPE": 88,
  "ReconMatrixPE": 88,
  "BandwidthPerPixelPhaseEncode": 39.185,
  "ParallelReductionFactorInPlane": 2,
  "EffectiveEchoSpacing": 0.00029,
  "DerivedVendorReportedEchoSpacing": 0.000579999,
  "TotalReadoutTime": 0.02523,
  "PixelBandwidth": 2105,
  "DwellTime": 0.0000027,
  "PhaseEncodingDirection": "j-",
  "SliceTiming": [
    3.49,
    0,
    3.6,
    0.11,
    3.7075,
    0.2175,
    3.8175,
    0.3275,
    3.925,
    0.435,
    4.035,
    0.545,
    4.145,
    0.655,
    4.2525,
    0.7625,
    4.3625,
    0.8725,
    4.4725,
    0.9825,
    4.58,
    1.09,
    4.69,
    1.2,
    4.7975,
    1.3075,
    4.9075,
    1.4175,
    5.0175,
    1.5275,
    5.125,
    1.635,
    5.235,
    1.745,
    5.345,
    1.855,
    5.4525,
    1.9625,
    5.5625,
    2.0725,
    5.67,
    2.18,
    5.78,
    2.29,
    5.89,
    2.4,
    5.9975,
    2.5075,
    6.1075,
    2.6175,
    6.2175,
    2.7275,
    6.325,
    2.835,
    6.435,
    2.945,
    6.5425,
    3.0525,
    6.6525,
    3.1625,
    6.7625,
    3.2725,
    6.87,
    3.38
  ],
  "ImageOrientationPatientDICOM": [
    0.999975,
    0.000112403,
    0.00702088,
    -4.08011E-8,
    0.999872,
    -0.0160019
  ],
  "InPlanePhaseEncodingDirectionDICOM": "COL",
  "ConversionSoftware": "dcm2niix",
  "ConversionSoftwareVersion": "v1.0.20190902",
  "SkullStripped": false
}
