{
  "Modality": "MR",
  "MagneticFieldStrength": 3,
  "ImagingFrequency": 123.248,
  "Manufacturer": "Siemens",
  "ManufacturersModelName": "Prisma",
  "InstitutionName": "SKKU",
  "InstitutionalDepartmentName": "Department",
  "InstitutionAddress": "Street_StreetNo_City_2c4e04_District_KR_ZIP",
  "DeviceSerialNumber": "66061",
  "StationName": "AWP66061",
  "BodyPartExamined": "HEAD",
  "PatientPosition": "HFS",
  "ProcedureStepDescription": "Head_PI:CNIR_IBS",
  "SoftwareVersions": "syngo_MR_E11",
  "MRAcquisitionType": "2D",
  "SeriesDescription": "DTI_2.5mm_PA",
  "ProtocolName": "DTI_2.5mm_PA",
  "ScanningSequence": "EP",
  "SequenceVariant": "SK_SP",
  "ScanOptions": "PFP_FS",
  "SequenceName": "_ep_b0",
  "ImageType": [
    "ORIGINAL",
    "PRIMARY",
    "DIFFUSION",
    "NONE",
    "ND"
  ],
  "SeriesNumber": 18,
  "AcquisitionTime": "13:52:5.602500",
  "AcquisitionNumber": 1,
  "SliceThickness": 2.5,
  "SpacingBetweenSlices": 2.5,
  "SAR": 0.187964,
  "EchoTime": 0.08,
  "RepetitionTime": 7,
  "FlipAngle": 90,
  "PartialFourier": 0.875,
  "BaseResolution": 88,
  "ShimSetting": [
    5028,
    3707,
    4454,
    213,
    113,
    -188,
    -110,
    94
  ],
  "DiffusionScheme": "Monopolar",
  "TxRefAmp": 298.543,
  "PhaseResolution": 1,
  "ReceiveCoilName": "HeadNeck_64",
  "ReceiveCoilActiveElements": "HC1-7;NC1,2",
  "CoilString": "HC1-7;NC1_2",
  "PulseSequenceDetails": "%SiemensSeq%_ep2d_diff",
  "RefLinesPE": 28,
  "ConsistencyInfo": "N4_VE11C_LATEST_20160120",
  "PercentPhaseFOV": 100,
  "EchoTrainLength": 38,
  "PhaseEncodingSteps": 76,
  "AcquisitionMatrixPE": 88,
  "ReconMatrixPE": 88,
  "BandwidthPerPixelPhaseEncode": 39.185,
  "ParallelReductionFactorInPlane": 2,
  "EffectiveEchoSpacing": 0.00029,
  "DerivedVendorReportedEchoSpacing": 0.000579999,
  "TotalReadoutTime": 0.02523,
  "PixelBandwidth": 2105,
  "DwellTime": 0.0000027,
  "PhaseEncodingDirection": "j",
  "SliceTiming": [
    3.5,
    0,
    3.60938,
    0.10938,
    3.71875,
    0.21875,
    3.82812,
    0.32812,
    3.9375,
    0.4375,
    4.03125,
    0.54688,
    4.15625,
    0.65625,
    4.25,
    0.76562,
    4.35938,
    0.875,
    4.46875,
    0.98438,
    4.57812,
    1.09375,
    4.6875,
    1.20312,
    4.79688,
    1.3125,
    4.90625,
    1.42188,
    5.01562,
    1.53125,
    5.125,
    1.64062,
    5.23438,
    1.75,
    5.34375,
    1.85938,
    5.45312,
    1.96875,
    5.5625,
    2.07812,
    5.67188,
    2.1875,
    5.78125,
    2.29688,
    5.89062,
    2.40625,
    6,
    2.51562,
    6.10938,
    2.625,
    6.21875,
    2.73438,
    6.32812,
    2.84375,
    6.4375,
    2.95312,
    6.54688,
    3.0625,
    6.65625,
    3.17188,
    6.76562,
    3.28125,
    6.875,
    3.39062
  ],
  "ImageOrientationPatientDICOM": [
    0.999494,
    0.000534832,
    0.0317877,
    -9.49965E-9,
    0.999858,
    -0.0168224
  ],
  "InPlanePhaseEncodingDirectionDICOM": "COL",
  "ConversionSoftware": "dcm2niix",
  "ConversionSoftwareVersion": "v1.0.20190902",
  "SkullStripped": false
}
