{
  "Modality": "MR",
  "MagneticFieldStrength": 3,
  "ImagingFrequency": 123.248,
  "Manufacturer": "Siemens",
  "ManufacturersModelName": "Prisma",
  "InstitutionName": "SKKU",
  "InstitutionalDepartmentName": "Department",
  "InstitutionAddress": "Street_StreetNo_City_2c4e04_District_KR_ZIP",
  "DeviceSerialNumber": "66061",
  "StationName": "AWP66061",
  "BodyPartExamined": "HEAD",
  "PatientPosition": "HFS",
  "ProcedureStepDescription": "Head_PI:CNIR_IBS",
  "SoftwareVersions": "syngo_MR_E11",
  "MRAcquisitionType": "2D",
  "SeriesDescription": "DTI_2.5mm_PA",
  "ProtocolName": "DTI_2.5mm_PA",
  "ScanningSequence": "EP",
  "SequenceVariant": "SK_SP",
  "ScanOptions": "PFP_FS",
  "SequenceName": "_ep_b0",
  "ImageType": [
    "ORIGINAL",
    "PRIMARY",
    "DIFFUSION",
    "NONE",
    "ND"
  ],
  "SeriesNumber": 21,
  "AcquisitionTime": "12:31:38.577500",
  "AcquisitionNumber": 1,
  "SliceThickness": 2.5,
  "SpacingBetweenSlices": 2.5,
  "SAR": 0.147718,
  "EchoTime": 0.08,
  "RepetitionTime": 7,
  "FlipAngle": 90,
  "PartialFourier": 0.875,
  "BaseResolution": 88,
  "ShimSetting": [
    5032,
    3704,
    4471,
    180,
    28,
    -250,
    -181,
    22
  ],
  "DiffusionScheme": "Monopolar",
  "TxRefAmp": 284.881,
  "PhaseResolution": 1,
  "ReceiveCoilName": "HeadNeck_64",
  "ReceiveCoilActiveElements": "HC1-7;NC1,2",
  "CoilString": "HC1-7;NC1_2",
  "PulseSequenceDetails": "%SiemensSeq%_ep2d_diff",
  "RefLinesPE": 28,
  "ConsistencyInfo": "N4_VE11C_LATEST_20160120",
  "PercentPhaseFOV": 100,
  "EchoTrainLength": 38,
  "PhaseEncodingSteps": 76,
  "AcquisitionMatrixPE": 88,
  "ReconMatrixPE": 88,
  "BandwidthPerPixelPhaseEncode": 39.185,
  "ParallelReductionFactorInPlane": 2,
  "EffectiveEchoSpacing": 0.00029,
  "DerivedVendorReportedEchoSpacing": 0.000579999,
  "TotalReadoutTime": 0.02523,
  "PixelBandwidth": 2105,
  "DwellTime": 0.0000027,
  "PhaseEncodingDirection": "j",
  "SliceTiming": [
    3.49219,
    0,
    3.60156,
    0.10938,
    3.71094,
    0.21875,
    3.82031,
    0.32812,
    3.92969,
    0.4375,
    4.03906,
    0.54688,
    4.14844,
    0.65625,
    4.25781,
    0.76562,
    4.36719,
    0.875,
    4.46875,
    0.98438,
    4.58594,
    1.09375,
    4.69531,
    1.20312,
    4.79688,
    1.3125,
    4.90625,
    1.42188,
    5.01562,
    1.53125,
    5.125,
    1.64062,
    5.23438,
    1.75,
    5.34375,
    1.85156,
    5.45312,
    1.96094,
    5.5625,
    2.07812,
    5.67188,
    2.17969,
    5.78125,
    2.28906,
    5.89062,
    2.39844,
    6,
    2.50781,
    6.10938,
    2.61719,
    6.21875,
    2.72656,
    6.32812,
    2.83594,
    6.4375,
    2.94531,
    6.54688,
    3.05469,
    6.65625,
    3.16406,
    6.76562,
    3.27344,
    6.875,
    3.38281
  ],
  "ImageOrientationPatientDICOM": [
    0.994139,
    0.0201793,
    0.106207,
    -7.15406E-8,
    0.982425,
    -0.18666
  ],
  "InPlanePhaseEncodingDirectionDICOM": "COL",
  "ConversionSoftware": "dcm2niix",
  "ConversionSoftwareVersion": "v1.0.20190902",
  "SkullStripped": false
}
