{
  "Modality": "MR",
  "MagneticFieldStrength": 3,
  "ImagingFrequency": 123.247959,
  "Manufacturer": "Siemens",
  "ManufacturersModelName": "MAGNETOM Prisma",
  "InstitutionName": "SKKU",
  "InstitutionAddress": "Street StreetNo,City/1MTD8-9D5J2/,District,KR,ZIP",
  "DeviceSerialNumber": "66061",
  "StationName": "AWP66061",
  "BodyPartExamined": "HEAD",
  "PatientPosition": "HFS",
  "ProcedureStepDescription": "Head PI:CNIR_IBS",
  "SoftwareVersions": "syngo MR XA30",
  "MRAcquisitionType": "2D",
  "SeriesDescription": "3.5mm_TR2_gradCPT_1",
  "ProtocolName": "3.5mm_TR2_gradCPT_1",
  "ScanningSequence": "EP",
  "SequenceVariant": "SK",
  "ScanOptions": "FS",
  "PulseSequenceName": "*epfid2d1_64",
  "ImageType": [
    "ORIGINAL",
    "PRIMARY",
    "FMRI",
    "NONE"
  ],
  "ImageTypeText": [
    "ORIGINAL",
    "PRIMARY",
    "M",
    "ND",
    "NORM"
  ],
  "NonlinearGradientCorrection": false,
  "SeriesNumber": 13,
  "AcquisitionTime": "09:57:26.985000",
  "AcquisitionNumber": 1,
  "SliceThickness": 3.5,
  "SpacingBetweenSlices": 3.5,
  "EchoTime": 0.025,
  "RepetitionTime": 2,
  "MTState": false,
  "FlipAngle": 73,
  "PartialFourier": 1,
  "BaseResolution": 64,
  "ShimSetting": [
    5030,
    3751,
    4386,
    453,
    -14,
    4,
    -113,
    68
  ],
  "TxRefAmp": 281.229,
  "PhaseResolution": 1,
  "ReceiveCoilName": "HeadNeck_64",
  "ReceiveCoilActiveElements": "HC1-7",
  "CoilString": "HeadNeck_64",
  "PulseSequenceDetails": "%SiemensSeq%\\ep2d_bold",
  "RefLinesPE": 24,
  "CoilCombinationMethod": "Sum of Squares",
  "MatrixCoilMode": "GRAPPA",
  "PercentPhaseFOV": 100,
  "PercentSampling": 100,
  "EchoTrainLength": 31,
  "PhaseEncodingSteps": 64,
  "FrequencyEncodingSteps": 64,
  "AcquisitionMatrixPE": 64,
  "ReconMatrixPE": 64,
  "BandwidthPerPixelPhaseEncode": 53.879,
  "ParallelReductionFactorInPlane": 2,
  "ParallelAcquisitionTechnique": "GRAPPA",
  "EffectiveEchoSpacing": 0.000290002,
  "DerivedVendorReportedEchoSpacing": 0.000580003,
  "TotalReadoutTime": 0.0182701,
  "PixelBandwidth": 2003,
  "DwellTime": 0.0000039,
  "PhaseEncodingDirection": "j-",
  "SliceTiming": [
    0.94,
    1.93,
    0.8925,
    1.8825,
    0.8425,
    1.8325,
    0.7925,
    1.7825,
    0.7425,
    1.7325,
    0.6925,
    1.6825,
    0.645,
    1.635,
    0.595,
    1.585,
    0.545,
    1.535,
    0.495,
    1.485,
    0.445,
    1.435,
    0.3975,
    1.3875,
    0.3475,
    1.3375,
    0.2975,
    1.2875,
    0.2475,
    1.2375,
    0.1975,
    1.1875,
    0.15,
    1.14,
    0.1,
    1.09,
    0.0500002,
    1.04,
    0,
    0.99
  ],
  "ImageOrientationPatientDICOM": [
    0.999358,
    0.0178346,
    0.031076,
    -0.0169205,
    0.999423,
    -0.0294347
  ],
  "InPlanePhaseEncodingDirectionDICOM": "COL",
  "ConversionSoftware": "dcm2niix",
  "ConversionSoftwareVersion": "v1.0.20230411",
  "Dcm2bidsVersion": "2.1.7",
  "TaskName": "GRADCPT",
  "SkullStripped": false
}
