{
  "Modality": "MR",
  "MagneticFieldStrength": 3,
  "ImagingFrequency": 123.248522,
  "Manufacturer": "Siemens",
  "ManufacturersModelName": "MAGNETOM Prisma",
  "InstitutionName": "SKKU",
  "InstitutionAddress": "Street StreetNo,City/1MTD8-9D5J2/,District,KR,ZIP",
  "DeviceSerialNumber": "66061",
  "StationName": "AWP66061",
  "BodyPartExamined": "HEAD",
  "PatientPosition": "HFS",
  "ProcedureStepDescription": "Head PI:CNIR_IBS",
  "SoftwareVersions": "syngo MR XA30",
  "MRAcquisitionType": "2D",
  "SeriesDescription": "3.5mm_TR2_gradCPT_2",
  "ProtocolName": "3.5mm_TR2_gradCPT_2",
  "ScanningSequence": "EP",
  "SequenceVariant": "SK",
  "ScanOptions": "FS",
  "PulseSequenceName": "*epfid2d1_64",
  "ImageType": [
    "ORIGINAL",
    "PRIMARY",
    "FMRI",
    "NONE"
  ],
  "ImageTypeText": [
    "ORIGINAL",
    "PRIMARY",
    "M",
    "ND",
    "NORM"
  ],
  "NonlinearGradientCorrection": false,
  "SeriesNumber": 33,
  "AcquisitionTime": "11:11:15.317500",
  "AcquisitionNumber": 1,
  "SliceThickness": 3.5,
  "SpacingBetweenSlices": 3.5,
  "EchoTime": 0.025,
  "RepetitionTime": 2,
  "MTState": false,
  "FlipAngle": 73,
  "PartialFourier": 1,
  "BaseResolution": 64,
  "ShimSetting": [
    5020,
    3740,
    4371,
    394,
    29,
    -114,
    -139,
    43
  ],
  "TxRefAmp": 257.182,
  "PhaseResolution": 1,
  "ReceiveCoilName": "HeadNeck_64",
  "ReceiveCoilActiveElements": "HC1-6",
  "CoilString": "HeadNeck_64",
  "PulseSequenceDetails": "%SiemensSeq%\\ep2d_bold",
  "RefLinesPE": 24,
  "CoilCombinationMethod": "Sum of Squares",
  "MatrixCoilMode": "GRAPPA",
  "PercentPhaseFOV": 100,
  "PercentSampling": 100,
  "EchoTrainLength": 31,
  "PhaseEncodingSteps": 64,
  "FrequencyEncodingSteps": 64,
  "AcquisitionMatrixPE": 64,
  "ReconMatrixPE": 64,
  "BandwidthPerPixelPhaseEncode": 53.879,
  "ParallelReductionFactorInPlane": 2,
  "ParallelAcquisitionTechnique": "GRAPPA",
  "EffectiveEchoSpacing": 0.000290002,
  "DerivedVendorReportedEchoSpacing": 0.000580003,
  "TotalReadoutTime": 0.0182701,
  "PixelBandwidth": 2003,
  "DwellTime": 0.0000039,
  "PhaseEncodingDirection": "j-",
  "SliceTiming": [
    0.94,
    1.93,
    0.89,
    1.88,
    0.84,
    1.83,
    0.7925,
    1.7825,
    0.7425,
    1.7325,
    0.6925,
    1.6825,
    0.6425,
    1.6325,
    0.5925,
    1.5825,
    0.545,
    1.535,
    0.495,
    1.485,
    0.445,
    1.435,
    0.395,
    1.385,
    0.345,
    1.335,
    0.2975,
    1.2875,
    0.2475,
    1.2375,
    0.1975,
    1.1875,
    0.1475,
    1.1375,
    0.1,
    1.0875,
    0.0500002,
    1.04,
    0,
    0.99
  ],
  "ImageOrientationPatientDICOM": [
    0.999027,
    -0.0109282,
    0.0427165,
    0.0104622,
    0.999883,
    0.0111167
  ],
  "InPlanePhaseEncodingDirectionDICOM": "COL",
  "ConversionSoftware": "dcm2niix",
  "ConversionSoftwareVersion": "v1.0.20230411",
  "Dcm2bidsVersion": "2.1.7",
  "TaskName": "GRADCPT",
  "SkullStripped": false
}
