{
  "Modality": "MR",
  "MagneticFieldStrength": 3,
  "ImagingFrequency": 123.247773,
  "Manufacturer": "Siemens",
  "ManufacturersModelName": "Prisma",
  "InstitutionName": "SKKU",
  "InstitutionalDepartmentName": "Department",
  "InstitutionAddress": "Street StreetNo,City/2c4e04/,District,KR,ZIP",
  "DeviceSerialNumber": "66061",
  "StationName": "AWP66061",
  "BodyPartExamined": "HEAD",
  "PatientPosition": "HFS",
  "ProcedureStepDescription": "Head^PI:CNIR_IBS",
  "SoftwareVersions": "syngo MR E11",
  "MRAcquisitionType": "2D",
  "SeriesDescription": "3.5mm_TR2_gradCPT_3",
  "ProtocolName": "3.5mm_TR2_gradCPT_3",
  "ScanningSequence": "EP",
  "SequenceVariant": "SK",
  "ScanOptions": "FS",
  "SequenceName": "*epfid2d1_64",
  "ImageType": [
    "ORIGINAL",
    "PRIMARY",
    "M",
    "ND",
    "NORM",
    "MOSAIC"
  ],
  "NonlinearGradientCorrection": false,
  "SeriesNumber": 26,
  "AcquisitionTime": "11:32:42.020000",
  "AcquisitionNumber": 1,
  "SliceThickness": 3.5,
  "SpacingBetweenSlices": 3.5,
  "SAR": 0.0826048,
  "EchoTime": 0.025,
  "RepetitionTime": 2,
  "FlipAngle": 73,
  "PartialFourier": 1,
  "BaseResolution": 64,
  "ShimSetting": [
    5024,
    3732,
    4439,
    298,
    63,
    -87,
    -172,
    89
  ],
  "TxRefAmp": 215.742,
  "PhaseResolution": 1,
  "ReceiveCoilName": "HeadNeck_64",
  "ReceiveCoilActiveElements": "HC1-7;NC1,2",
  "PulseSequenceDetails": "%SiemensSeq%\\ep2d_bold",
  "RefLinesPE": 24,
  "CoilCombinationMethod": "Sum of Squares",
  "ConsistencyInfo": "N4_VE11C_LATEST_20160120",
  "MatrixCoilMode": "GRAPPA",
  "PercentPhaseFOV": 100,
  "PercentSampling": 100,
  "EchoTrainLength": 31,
  "PhaseEncodingSteps": 63,
  "AcquisitionMatrixPE": 64,
  "ReconMatrixPE": 64,
  "BandwidthPerPixelPhaseEncode": 53.879,
  "ParallelReductionFactorInPlane": 2,
  "EffectiveEchoSpacing": 0.000290002,
  "DerivedVendorReportedEchoSpacing": 0.000580003,
  "TotalReadoutTime": 0.0182701,
  "PixelBandwidth": 2005,
  "DwellTime": 0.0000039,
  "PhaseEncodingDirection": "j-",
  "SliceTiming": [
    0.99,
    0,
    1.04,
    0.05,
    1.09,
    0.1,
    1.14,
    0.15,
    1.19,
    0.2,
    1.2375,
    0.2475,
    1.2875,
    0.2975,
    1.3375,
    0.3475,
    1.3875,
    0.3975,
    1.4375,
    0.4475,
    1.485,
    0.495,
    1.535,
    0.545,
    1.585,
    0.595,
    1.635,
    0.645,
    1.685,
    0.695,
    1.7325,
    0.7425,
    1.7825,
    0.7925,
    1.8325,
    0.8425,
    1.8825,
    0.8925,
    1.9325,
    0.9425
  ],
  "ImageOrientationPatientDICOM": [
    0.999451,
    0.00143183,
    0.0330903,
    4.71951E-8,
    0.999065,
    -0.0432314
  ],
  "ImageOrientationText": "Tra>Cor(-2.5)>Sag(1.9)",
  "InPlanePhaseEncodingDirectionDICOM": "COL",
  "ConversionSoftware": "dcm2niix",
  "ConversionSoftwareVersion": "v1.0.20230411",
  "Dcm2bidsVersion": "2.1.7",
  "TaskName": "GRADCPT",
  "SkullStripped": false
}
