{
  "Modality": "MR",
  "MagneticFieldStrength": 3,
  "ImagingFrequency": 123.248,
  "Manufacturer": "Siemens",
  "ManufacturersModelName": "Prisma",
  "InstitutionName": "SKKU",
  "InstitutionalDepartmentName": "Department",
  "InstitutionAddress": "Street_StreetNo_City_2c4e04_District_KR_ZIP",
  "DeviceSerialNumber": "66061",
  "StationName": "AWP66061",
  "BodyPartExamined": "HEAD",
  "PatientPosition": "HFS",
  "ProcedureStepDescription": "Head_PI:CNIR_IBS",
  "SoftwareVersions": "syngo_MR_E11",
  "MRAcquisitionType": "2D",
  "SeriesDescription": "DTI_2.5mm_PA",
  "ProtocolName": "DTI_2.5mm_PA",
  "ScanningSequence": "EP",
  "SequenceVariant": "SK_SP",
  "ScanOptions": "PFP_FS",
  "SequenceName": "_ep_b0",
  "ImageType": [
    "ORIGINAL",
    "PRIMARY",
    "DIFFUSION",
    "NONE",
    "ND"
  ],
  "SeriesNumber": 24,
  "AcquisitionTime": "13:57:20.702500",
  "AcquisitionNumber": 1,
  "SliceThickness": 2.5,
  "SpacingBetweenSlices": 2.5,
  "SAR": 0.157613,
  "EchoTime": 0.08,
  "RepetitionTime": 7,
  "FlipAngle": 90,
  "PartialFourier": 0.875,
  "BaseResolution": 88,
  "ShimSetting": [
    5040,
    3679,
    4425,
    155,
    17,
    -181,
    -115,
    64
  ],
  "DiffusionScheme": "Monopolar",
  "TxRefAmp": 293.943,
  "PhaseResolution": 1,
  "ReceiveCoilName": "HeadNeck_64",
  "ReceiveCoilActiveElements": "HC1-7;NC1,2",
  "CoilString": "HC1-7;NC1_2",
  "PulseSequenceDetails": "%SiemensSeq%_ep2d_diff",
  "RefLinesPE": 28,
  "ConsistencyInfo": "N4_VE11C_LATEST_20160120",
  "PercentPhaseFOV": 100,
  "EchoTrainLength": 38,
  "PhaseEncodingSteps": 76,
  "AcquisitionMatrixPE": 88,
  "ReconMatrixPE": 88,
  "BandwidthPerPixelPhaseEncode": 39.185,
  "ParallelReductionFactorInPlane": 2,
  "EffectiveEchoSpacing": 0.00029,
  "DerivedVendorReportedEchoSpacing": 0.000579999,
  "TotalReadoutTime": 0.02523,
  "PixelBandwidth": 2105,
  "DwellTime": 0.0000027,
  "PhaseEncodingDirection": "j",
  "SliceTiming": [
    3.48438,
    0,
    3.59375,
    0.10938,
    3.70312,
    0.21875,
    3.8125,
    0.32812,
    3.92188,
    0.42188,
    4.03125,
    0.54688,
    4.14062,
    0.64062,
    4.25,
    0.75,
    4.35938,
    0.85938,
    4.46875,
    0.96875,
    4.57812,
    1.07812,
    4.6875,
    1.1875,
    4.79688,
    1.29688,
    4.90625,
    1.40625,
    5.01562,
    1.51562,
    5.125,
    1.625,
    5.23438,
    1.73438,
    5.34375,
    1.84375,
    5.45312,
    1.95312,
    5.54688,
    2.0625,
    5.67188,
    2.17188,
    5.78125,
    2.28125,
    5.875,
    2.39062,
    5.98438,
    2.5,
    6.10938,
    2.60938,
    6.20312,
    2.71875,
    6.3125,
    2.82812,
    6.42188,
    2.9375,
    6.53125,
    3.04688,
    6.64062,
    3.15625,
    6.75,
    3.26562,
    6.85938,
    3.375
  ],
  "ImageOrientationPatientDICOM": [
    0.997932,
    0.00168994,
    0.0642526,
    2.43246E-8,
    0.999654,
    -0.0262927
  ],
  "InPlanePhaseEncodingDirectionDICOM": "COL",
  "ConversionSoftware": "dcm2niix",
  "ConversionSoftwareVersion": "v1.0.20190902",
  "SkullStripped": false
}
