{
  "Modality": "MR",
  "MagneticFieldStrength": 3,
  "ImagingFrequency": 123.249,
  "Manufacturer": "Siemens",
  "ManufacturersModelName": "MAGNETOM_Prisma",
  "InstitutionName": "SKKU",
  "InstitutionAddress": "Street_StreetNo_City_1MTD8-9D5J2_District_KR_ZIP",
  "DeviceSerialNumber": "66061",
  "StationName": "AWP66061",
  "BodyPartExamined": "HEAD",
  "PatientPosition": "HFS",
  "ProcedureStepDescription": "Head_PI:CNIR_IBS",
  "SoftwareVersions": "syngo_MR_XA30",
  "MRAcquisitionType": "2D",
  "SeriesDescription": "DTI_2.5mm_PA",
  "ProtocolName": "DTI_2.5mm_PA",
  "SequenceVariant": "SK_SP",
  "ImageType": [
    "ORIGINAL",
    "PRIMARY",
    "DIFFUSION",
    "NONE"
  ],
  "SeriesNumber": 31,
  "AcquisitionTime": "11:37:19.172500",
  "AcquisitionNumber": 1,
  "SliceThickness": 2.5,
  "SpacingBetweenSlices": 2.5,
  "EchoTime": 0.08,
  "RepetitionTime": 7.1,
  "FlipAngle": 90,
  "ReceiveCoilActiveElements": "HC1-7",
  "CoilString": "HeadNeck_64",
  "PartialFourier": 0.863636,
  "PercentPhaseFOV": 100,
  "EchoTrainLength": 38,
  "AcquisitionMatrixPE": 88,
  "ReconMatrixPE": 88,
  "BandwidthPerPixelPhaseEncode": 36.657,
  "ParallelReductionFactorInPlane": 2,
  "EffectiveEchoSpacing": 0.000309999,
  "DerivedVendorReportedEchoSpacing": 0.000619998,
  "TotalReadoutTime": 0.0269699,
  "PixelBandwidth": 2104,
  "PhaseEncodingDirection": "j",
  "SliceTiming": [
    3.4275,
    6.9675,
    3.3175,
    6.8575,
    3.2075,
    6.7475,
    3.095,
    6.635,
    2.985,
    6.525,
    2.875,
    6.415,
    2.765,
    6.305,
    2.6525,
    6.1925,
    2.5425,
    6.0825,
    2.4325,
    5.9725,
    2.3225,
    5.8625,
    2.2125,
    5.75,
    2.1,
    5.64,
    1.99,
    5.53,
    1.88,
    5.42,
    1.77,
    5.3075,
    1.6575,
    5.1975,
    1.5475,
    5.0875,
    1.4375,
    4.9775,
    1.3275,
    4.865,
    1.215,
    4.755,
    1.105,
    4.645,
    0.995,
    4.535,
    0.885,
    4.4225,
    0.7725,
    4.3125,
    0.6625,
    4.2025,
    0.5525,
    4.0925,
    0.4425,
    3.98,
    0.33,
    3.87,
    0.22,
    3.76,
    0.11,
    3.65,
    0,
    3.5375
  ],
  "ImageOrientationPatientDICOM": [
    0.998854,
    0.0402589,
    0.0258782,
    -0.0404673,
    0.999152,
    0.00758247
  ],
  "InPlanePhaseEncodingDirectionDICOM": "COL",
  "ConversionSoftware": "dcm2niix",
  "ConversionSoftwareVersion": "v1.0.20190902",
  "SkullStripped": false
}
