{
  "Modality": "MR",
  "MagneticFieldStrength": 3,
  "ImagingFrequency": 123.248,
  "Manufacturer": "Siemens",
  "ManufacturersModelName": "MAGNETOM_Prisma",
  "InstitutionName": "SKKU",
  "InstitutionAddress": "Street_StreetNo_City_1MTD8-9D5J2_District_KR_ZIP",
  "DeviceSerialNumber": "66061",
  "StationName": "AWP66061",
  "BodyPartExamined": "HEAD",
  "PatientPosition": "HFS",
  "ProcedureStepDescription": "Head_PI:CNIR_IBS",
  "SoftwareVersions": "syngo_MR_XA30",
  "MRAcquisitionType": "2D",
  "SeriesDescription": "DTI_2.5mm_AP",
  "ProtocolName": "DTI_2.5mm_AP",
  "SequenceVariant": "SK_SP",
  "ImageType": [
    "ORIGINAL",
    "PRIMARY",
    "DIFFUSION",
    "NONE"
  ],
  "SeriesNumber": 52,
  "AcquisitionTime": "11:14:53.890000",
  "AcquisitionNumber": 1,
  "SliceThickness": 2.5,
  "SpacingBetweenSlices": 2.5,
  "EchoTime": 0.08,
  "RepetitionTime": 7.1,
  "FlipAngle": 90,
  "ReceiveCoilActiveElements": "HC1-7",
  "CoilString": "HeadNeck_64",
  "PartialFourier": 0.863636,
  "PercentPhaseFOV": 100,
  "EchoTrainLength": 38,
  "AcquisitionMatrixPE": 88,
  "ReconMatrixPE": 88,
  "BandwidthPerPixelPhaseEncode": 36.657,
  "ParallelReductionFactorInPlane": 2,
  "EffectiveEchoSpacing": 0.000309999,
  "DerivedVendorReportedEchoSpacing": 0.000619998,
  "TotalReadoutTime": 0.0269699,
  "PixelBandwidth": 2104,
  "PhaseEncodingDirection": "j-",
  "SliceTiming": [
    3.43,
    6.97,
    3.3175,
    6.8575,
    3.2075,
    6.7475,
    3.0975,
    6.6375,
    2.9875,
    6.5275,
    2.875,
    6.415,
    2.765,
    6.305,
    2.655,
    6.195,
    2.545,
    6.085,
    2.4325,
    5.9725,
    2.3225,
    5.8625,
    2.2125,
    5.7525,
    2.1025,
    5.6425,
    1.99,
    5.53,
    1.88,
    5.42,
    1.77,
    5.31,
    1.66,
    5.2,
    1.5475,
    5.0875,
    1.4375,
    4.9775,
    1.3275,
    4.8675,
    1.2175,
    4.7575,
    1.105,
    4.645,
    0.995,
    4.535,
    0.885,
    4.425,
    0.775,
    4.315,
    0.6625,
    4.2025,
    0.5525,
    4.0925,
    0.4425,
    3.9825,
    0.3325,
    3.8725,
    0.22,
    3.76,
    0.11,
    3.65,
    0,
    3.54
  ],
  "ImageOrientationPatientDICOM": [
    0.999358,
    0.0178346,
    0.031076,
    -0.0169205,
    0.999423,
    -0.0294347
  ],
  "InPlanePhaseEncodingDirectionDICOM": "COL",
  "ConversionSoftware": "dcm2niix",
  "ConversionSoftwareVersion": "v1.0.20190902",
  "SkullStripped": false
}
